PATH
  remote: .
  specs:
    nephophobia (0.0.3)
      hugs (~> 2.5.0)

GEM
  remote: http://rubygems.org/
  specs:
    autotest-standalone (4.5.5)
    fakeweb (1.3.0)
    hugs (2.5.0)
      multipart-post (~> 1.0.1)
      net-http-persistent (~> 1.4.1)
      nokogiri (~> 1.4.4)
      yajl-ruby (~> 0.7.9)
    minitest (2.0.2)
    multipart-post (1.0.1)
    net-http-persistent (1.4.1)
    nokogiri (1.4.4)
    rake (0.8.7)
    vcr (1.5.0)
    yajl-ruby (0.7.9)

PLATFORMS
  ruby

DEPENDENCIES
  autotest-standalone
  fakeweb (~> 1.3.0)
  minitest (~> 2.0.2)
  nephophobia!
  nokogiri (~> 1.4.4)
  rake (~> 0.8.7)
  vcr (= 1.5.0)
