PATH
  remote: .
  specs:
    nephophobia (0.0.1)
      hugs

GEM
  remote: http://rubygems.org/
  specs:
    addressable (2.2.4)
    crack (0.1.8)
    hugs (2.5.0)
      multipart-post (~> 1.0.1)
      net-http-persistent (~> 1.4.1)
      nokogiri (~> 1.4.4)
      yajl-ruby (~> 0.7.9)
    minitest (2.0.2)
    multipart-post (1.0.1)
    net-http-persistent (1.4.1)
    nokogiri (1.4.4)
    rake (0.8.7)
    vcr (1.5.0)
    webmock (1.6.2)
      addressable (>= 2.2.2)
      crack (>= 0.1.7)
    yajl-ruby (0.7.9)

PLATFORMS
  ruby

DEPENDENCIES
  minitest
  nephophobia!
  nokogiri
  rake
  vcr (= 1.5.0)
  webmock
